GEM
  remote: https://rubygems.org/
  specs:
    phantomjs (1.9.8.0)

PLATFORMS
  ruby

DEPENDENCIES
  phantomjs
